GEM
  remote: https://rubygems.org/
  specs:
    fxruby (1.6.33)
      mini_portile (~> 0.6)
    fxruby (1.6.33-x86-mingw32)
      mini_portile (~> 0.6)
    mini_portile (0.6.2)
    phashion (1.1.1)
    ruby-filemagic (0.7.1)
    ruby-filemagic (0.7.1-x86-mingw32)

PLATFORMS
  ruby
  x86-mingw32

DEPENDENCIES
  fxruby
  phashion
  ruby-filemagic

BUNDLED WITH
   1.11.2
