GEM
  remote: https://rubygems.org/
  specs:
    after_do (0.3.1)
    furoshiki (0.3.1)
      plist
      rubyzip (>= 1.0.0)
      warbler (~> 1.4.4)
    jruby-jars (1.7.23)
    jruby-rack (1.1.19)
    mini_portile (0.6.2)
    nokogiri (1.6.4.1-java)
    nokogiri (1.6.4.1-x86-mingw32)
      mini_portile (~> 0.6.0)
    plist (3.1.0)
    rake (10.5.0)
    rubyzip (1.1.7)
    shoes (4.0.0.pre5)
      shoes-core (= 4.0.0.pre5)
      shoes-manual (~> 4.0.0, >= 4.0.0)
      shoes-swt (= 4.0.0.pre5)
    shoes-core (4.0.0.pre5)
    shoes-highlighter (1.0.1)
    shoes-manual (4.0.0)
      nokogiri (~> 1.6.4.1, >= 1.6.4.1)
      shoes-highlighter (~> 1.0, >= 1.0.0)
    shoes-package (4.0.0.pre5)
      furoshiki (~> 0.3.1)
      shoes-core (= 4.0.0.pre5)
    shoes-swt (4.0.0.pre5)
      after_do (~> 0.3)
      shoes-core (= 4.0.0.pre5)
      shoes-package (= 4.0.0.pre5)
      swt (~> 4.4)
    swt (4.4)
    warbler (1.4.9)
      jruby-jars (>= 1.5.6, < 2.0)
      jruby-rack (>= 1.1.1, < 1.3)
      rake (>= 0.9.6)
      rubyzip (>= 0.9, < 1.2)

PLATFORMS
  java
  x86-mingw32

DEPENDENCIES
  shoes (>= 4.0.0.pre1)

BUNDLED WITH
   1.11.2
