GEM
  remote: https://rubygems.org/
  specs:
    fxruby (1.6.33-x86-mingw32)
      mini_portile (~> 0.6)
    mini_portile (0.6.2)

PLATFORMS
  x86-mingw32

DEPENDENCIES
  fxruby
